GEM
  remote: https://rubygems.org/
  specs:
    diff-lcs (1.5.0)
    json_pure (2.6.1)
    oj (3.13.11)
    rspec (3.11.0)
      rspec-core (~> 3.11.0)
      rspec-expectations (~> 3.11.0)
      rspec-mocks (~> 3.11.0)
    rspec-core (3.11.0)
      rspec-support (~> 3.11.0)
    rspec-expectations (3.11.0)
      diff-lcs (>= 1.2.0, < 2.0)
      rspec-support (~> 3.11.0)
    rspec-mocks (3.11.1)
      diff-lcs (>= 1.2.0, < 2.0)
      rspec-support (~> 3.11.0)
    rspec-support (3.11.0)
    yajl-ruby (1.4.2)

PLATFORMS
  ruby

DEPENDENCIES
  json_pure
  oj
  rspec (~> 3.11)
  yajl-ruby

BUNDLED WITH
   2.1.4
